GEM
  remote: http://rubygems.org/
  specs:
    actionmailer (2.3.10)
      actionpack (= 2.3.10)
    actionpack (2.3.10)
      activesupport (= 2.3.10)
      rack (~> 1.1.0)
    activerecord (2.3.10)
      activesupport (= 2.3.10)
    activeresource (2.3.10)
      activesupport (= 2.3.10)
    activesupport (2.3.10)
    configatron (2.6.3)
      yamler (>= 0.1.0)
    git (1.2.5)
    mysql2 (0.2.4)
    net-ssh (2.0.23)
    rack (1.1.0)
    rails (2.3.10)
      actionmailer (= 2.3.10)
      actionpack (= 2.3.10)
      activerecord (= 2.3.10)
      activeresource (= 2.3.10)
      activesupport (= 2.3.10)
      rake (>= 0.8.3)
    rake (0.8.7)
    unicorn (1.1.3)
      rack
    yamler (0.1.0)

PLATFORMS
  ruby

DEPENDENCIES
  configatron
  git
  mysql2
  net-ssh
  rack (= 1.1.0)
  rails (= 2.3.10)
  unicorn
